GEM
  remote: https://rubygems.org/
  specs:
    diff-lcs (1.3)
    facter (2.5.1)
    fast_gettext (1.1.2)
    hiera (3.5.0)
    locale (2.1.2)
    metaclass (0.0.4)
    mocha (1.8.0)
      metaclass (~> 0.0.1)
    multi_json (1.13.1)
    pathspec (0.2.1)
    puppet (5.5.13)
      facter (> 2.0.1, < 4)
      fast_gettext (~> 1.1.2)
      hiera (>= 3.2.1, < 4)
      locale (~> 2.1)
      multi_json (~> 1.10)
    puppet-lint (2.3.6)
    puppet-syntax (2.4.3)
      rake
    puppetlabs_spec_helper (2.14.1)
      mocha (~> 1.0)
      pathspec (~> 0.2.1)
      puppet-lint (~> 2.0)
      puppet-syntax (~> 2.0)
      rspec-puppet (~> 2.0)
    rake (12.3.2)
    rspec (3.8.0)
      rspec-core (~> 3.8.0)
      rspec-expectations (~> 3.8.0)
      rspec-mocks (~> 3.8.0)
    rspec-core (3.8.0)
      rspec-support (~> 3.8.0)
    rspec-expectations (3.8.3)
      diff-lcs (>= 1.2.0, < 2.0)
      rspec-support (~> 3.8.0)
    rspec-mocks (3.8.0)
      diff-lcs (>= 1.2.0, < 2.0)
      rspec-support (~> 3.8.0)
    rspec-puppet (2.7.3)
      rspec
    rspec-support (3.8.0)

PLATFORMS
  ruby

DEPENDENCIES
  puppet (~> 5.5, >= 5.5.1)
  puppet-lint
  puppetlabs_spec_helper
  rake
  rspec-puppet

BUNDLED WITH
   1.17.2
